GEM
  remote: https://rubygems.org/
  specs:
    nio4r (2.5.7)
    puma (5.3.2)
      nio4r (~> 2.0)

PLATFORMS
  ruby

DEPENDENCIES
  puma

RUBY VERSION
   ruby 2.7.0p0

BUNDLED WITH
   2.1.4
